GEM
  remote: https://rubygems.org/
  specs:
    brewdler (1.0.1)
      commander
      mime-types (= 1.25)
    commander (4.2.1)
      highline (~> 1.6.11)
    highline (1.6.21)
    mime-types (1.25)

PLATFORMS
  ruby

DEPENDENCIES
  brewdler
